GEM
  remote: https://rubygems.org/
  specs:
    CFPropertyList (2.3.6)
    diff-lcs (1.3)
    facter (2.5.1)
      CFPropertyList (~> 2.2)
    hiera (1.3.4)
      json_pure
    json (1.8.6)
    json_pure (1.8.6)
    metaclass (0.0.4)
    mocha (1.5.0)
      metaclass (~> 0.0.1)
    puppet (3.7.5)
      facter (> 1.6, < 3)
      hiera (~> 1.0)
      json_pure
    puppet-lint (2.3.5)
    puppet-syntax (2.4.1)
      rake
    puppetlabs_spec_helper (2.9.1)
      mocha (~> 1.0)
      puppet-lint (~> 2.0)
      puppet-syntax (~> 2.0)
      rspec-puppet (~> 2.0)
    rake (10.5.0)
    rspec (3.1.0)
      rspec-core (~> 3.1.0)
      rspec-expectations (~> 3.1.0)
      rspec-mocks (~> 3.1.0)
    rspec-core (3.1.7)
      rspec-support (~> 3.1.0)
    rspec-expectations (3.1.2)
      diff-lcs (>= 1.2.0, < 2.0)
      rspec-support (~> 3.1.0)
    rspec-mocks (3.1.3)
      rspec-support (~> 3.1.0)
    rspec-puppet (2.6.13)
      rspec
    rspec-puppet-utils (3.4.0)
      mocha
      puppet
      puppetlabs_spec_helper
      rspec
      rspec-puppet
    rspec-support (3.1.2)

PLATFORMS
  ruby

DEPENDENCIES
  json (~> 1.8.3)
  json_pure (~> 1.8.3)
  puppet (~> 3.7.5)
  puppet-lint
  puppet-syntax
  puppetlabs_spec_helper
  rake (< 11.0.0)
  rspec (< 3.2.0)
  rspec-core (= 3.1.7)
  rspec-puppet (~> 2.1)
  rspec-puppet-utils

BUNDLED WITH
   1.12.5
