GIT
  remote: git://github.com/bobtfish/hiera-puppet-helper.git
  revision: b3738f72b202cdee5e77f6cbf58235406cba0fa2
  ref: b3738f72b202cdee5e77f6cbf58235406cba0fa2
  specs:
    hiera-puppet-helper (2.0.1)

GIT
  remote: git://github.com/rodjek/puppet-lint.git
  revision: beccafd5bb69b73692bcd7d9e798d47643a915ac
  specs:
    puppet-lint (0.4.0.pre1)

GIT
  remote: https://github.com/rodjek/rspec-puppet.git
  revision: 03e94422fb9bbdd950d5a0bec6ead5d76e06616b
  ref: 03e94422fb9bbdd950d5a0bec6ead5d76e06616b
  specs:
    rspec-puppet (1.0.1)
      rspec

GEM
  remote: https://rubygems.org/
  specs:
    colored (1.2)
    cri (2.4.1)
      colored (>= 1.2)
    diff-lcs (1.2.4)
    facter (1.7.3)
    hiera (1.3.2)
      json_pure
    json (1.8.0)
    json_pure (1.8.1)
    log4r (1.1.10)
    metaclass (0.0.1)
    mixlib-cli (1.5.0)
    mocha (0.14.0)
      metaclass (~> 0.0.1)
    puppet (3.4.3)
      facter (~> 1.6)
      hiera (~> 1.0)
      rgen (~> 0.6.5)
    puppet-syntax (1.2.0)
      puppet (>= 2.7.0)
      rake
    puppetlabs_spec_helper (0.4.1)
      mocha (>= 0.10.5)
      rake
      rspec (>= 2.9.0)
      rspec-puppet (>= 0.1.1)
    r10k (1.1.3)
      colored (>= 1.2)
      cri (~> 2.4.0)
      json_pure
      log4r (>= 1.1.10)
      systemu (~> 2.5.2)
    rake (10.1.0)
    rake-hooks (1.2.3)
      rake
    rgen (0.6.6)
    rspec (2.14.1)
      rspec-core (~> 2.14.0)
      rspec-expectations (~> 2.14.0)
      rspec-mocks (~> 2.14.0)
    rspec-core (2.14.5)
    rspec-expectations (2.14.5)
      diff-lcs (>= 1.1.3, < 2.0)
    rspec-mocks (2.14.6)
    sensu-plugin (0.3.0)
      json
      mixlib-cli (>= 1.1.0)
    systemu (2.5.2)

PLATFORMS
  ruby

DEPENDENCIES
  diff-lcs (= 1.2.4)
  facter (= 1.7.3)
  hiera-puppet-helper!
  json (= 1.8.0)
  metaclass (= 0.0.1)
  mocha (= 0.14.0)
  puppet (~> 3.4.0)
  puppet-lint!
  puppet-syntax (= 1.2.0)
  puppetlabs_spec_helper (= 0.4.1)
  r10k (= 1.1.3)
  rake (= 10.1.0)
  rake-hooks (= 1.2.3)
  rspec (= 2.14.1)
  rspec-core (= 2.14.5)
  rspec-expectations (= 2.14.5)
  rspec-mocks (= 2.14.6)
  rspec-puppet!
  sensu-plugin
